GEM
  remote: https://rubygems.org/
  specs:
    fitgem (0.9.0)
      oauth
    httparty (0.13.1)
      json (~> 1.8)
      multi_xml (>= 0.5.2)
    json (1.8.1)
    multi_xml (0.5.5)
    oauth (0.4.7)

PLATFORMS
  ruby

DEPENDENCIES
  fitgem
  httparty
